GEM
  remote: https://rubygems.org/
  specs:
    dotenv (2.1.1)
    excon (0.49.0)
    json (1.8.3)
    mandrill-api (1.0.53)
      excon (>= 0.16.0, < 1.0)
      json (>= 1.7.7, < 2.0)

PLATFORMS
  ruby

DEPENDENCIES
  dotenv
  mandrill-api

BUNDLED WITH
   1.11.2
